GEM
  remote: https://rubygems.org/
  specs:
    colorize (0.6.0)
    influxdb (0.8.0)

PLATFORMS
  ruby

DEPENDENCIES
  colorize
  influxdb (>= 0.0.16)

BUNDLED WITH
   1.17.3
